GEM
  remote: https://rubygems.org/
  specs:
    haml (4.0.5)
      tilt
    jt-mobile-kit-generator (0.0.1)
    jt-partial (1.0.3)
    moode-haml-component-angular (0.0.3)
    moode-haml-toolkit (1.2.0)
    rack (1.5.2)
    rack-protection (1.5.2)
      rack
    rake (10.1.1)
    sinatra (1.4.4)
      rack (~> 1.4)
      rack-protection (~> 1.4)
      tilt (~> 1.3, >= 1.3.4)
    thor (0.19.0)
    tilt (1.4.1)

PLATFORMS
  ruby

DEPENDENCIES
  haml
  jt-mobile-kit-generator
  jt-partial (= 1.0.3)
  moode-haml-component-angular (= 0.0.3)
  moode-haml-toolkit (= 1.2.0)
  rack
  rake
  sinatra
  thor
